GEM
  remote: https://rubygems.org/
  specs:
    color (1.7.1)

PLATFORMS
  ruby

DEPENDENCIES
  color
